PATH
  remote: .
  specs:
    jiraa (1.0.4)
      colorize (= 0.5.8)
      gli (= 2.5.6)
      jira_client (>= 1.0.1)

GEM
  remote: https://rubygems.org/
  specs:
    aruba (0.5.1)
      childprocess (~> 0.3.6)
      cucumber (>= 1.1.1)
      rspec-expectations (>= 2.7.0)
    builder (3.2.0)
    childprocess (0.3.9)
      ffi (~> 1.0, >= 1.0.11)
    chronic_duration (0.10.2)
      numerizer (~> 0.1.1)
    colorize (0.5.8)
    cucumber (1.3.1)
      builder (>= 2.1.2)
      diff-lcs (>= 1.1.3)
      gherkin (~> 2.12.0)
      multi_json (~> 1.3)
    diff-lcs (1.2.4)
    ffi (1.6.0)
    gherkin (2.12.0)
      multi_json (~> 1.3)
    gli (2.5.6)
    jira_client (1.0.1)
      chronic_duration
      json
      rest-client
    json (1.7.7)
    mime-types (1.23)
    multi_json (1.7.2)
    numerizer (0.1.1)
    rake (10.0.4)
    rest-client (1.6.7)
      mime-types (>= 1.16)
    rspec-expectations (2.13.0)
      diff-lcs (>= 1.1.3, < 2.0)

PLATFORMS
  ruby

DEPENDENCIES
  aruba
  bundler (~> 1.3)
  cucumber
  jiraa!
  rake
